GEM
  remote: https://rubygems.org/
  specs:
    rack (3.0.7)
    roda (3.68.0)
      rack

PLATFORMS
  arm64-darwin-22

DEPENDENCIES
  roda (~> 3.68)

BUNDLED WITH
   2.4.6
